GEM
  remote: https://rubygems.org/
  specs:
    bcrypt (3.1.16)
    nio4r (2.5.2)
    pg (1.2.3)
    puma (4.3.5)
      nio4r (~> 2.0)
    rack (2.2.3)
    rack-contrib (2.3.0)
      rack (~> 2.0)
    securerandom (0.1.0)

PLATFORMS
  ruby

DEPENDENCIES
  bcrypt
  pg
  puma
  rack
  rack-contrib
  securerandom

BUNDLED WITH
   2.2.15
